GEM
  remote: http://rubygems.org/
  specs:
    actionpack (1.4.0)
    activesupport (3.0.7)
    addressable (2.2.8)
    andand (1.3.1)
    daemons (1.1.3)
    data_objects (0.10.6)
      addressable (~> 2.1)
    datamapper (0.3.2)
      fastthread (> 0.0.0)
      json (> 0.0.0)
      rspec (> 0.0.0)
      validatable (> 0.0.0)
    diff-lcs (1.1.3)
    dm-core (1.1.0)
      addressable (~> 2.2.4)
    dm-do-adapter (1.1.0)
      data_objects (~> 0.10.2)
      dm-core (~> 1.1.0)
    dm-postgres-adapter (1.1.0)
      dm-do-adapter (~> 1.1.0)
      do_postgres (~> 0.10.2)
    dm-sqlite-adapter (1.1.0)
      dm-do-adapter (~> 1.1.0)
      do_sqlite3 (~> 0.10.2)
    dm-types (0.10.0)
    do_postgres (0.10.6)
      data_objects (= 0.10.6)
    do_sqlite3 (0.10.6)
      data_objects (= 0.10.6)
    eventmachine (0.12.10)
    fastthread (1.0.7)
    haml (3.1.1)
    i18n (0.6.0)
    json (1.7.7)
    rack (1.3.0)
    rspec (2.12.0)
      rspec-core (~> 2.12.0)
      rspec-expectations (~> 2.12.0)
      rspec-mocks (~> 2.12.0)
    rspec-core (2.12.2)
    rspec-expectations (2.12.1)
      diff-lcs (~> 1.1.3)
    rspec-mocks (2.12.2)
    sinatra (1.2.6)
      rack (~> 1.1)
      tilt (>= 1.2.2, < 2.0)
    thin (1.2.11)
      daemons (>= 1.0.9)
      eventmachine (>= 0.12.6)
      rack (>= 1.0.0)
    tilt (1.3.2)
    validatable (1.6.7)

PLATFORMS
  ruby

DEPENDENCIES
  actionpack
  activesupport
  andand
  datamapper
  dm-postgres-adapter
  dm-sqlite-adapter
  dm-types
  haml
  i18n
  json (= 1.7.7)
  sinatra
  thin
